GEM
  remote: https://rubygems.org/
  specs:
    csv (3.0.3)
    curb (0.9.7)
    mini_portile2 (2.4.0)
    nokogiri (1.10.1)
      mini_portile2 (~> 2.4.0)
    xpath (3.2.0)
      nokogiri (~> 1.8)

PLATFORMS
  ruby

DEPENDENCIES
  csv
  curb
  nokogiri
  xpath

BUNDLED WITH
   2.0.1
